GEM
  remote: http://rubygems.org/
  specs:
    activesupport (3.2.8)
      i18n (~> 0.6)
      multi_json (~> 1.0)
    chronic (0.6.7)
    diff-lcs (1.1.3)
    flickr_fu (0.3.2)
      mime-types
      xml-magic
    i18n (0.6.1)
    mime-types (1.19)
    multi_json (1.3.6)
    rake (0.9.2.2)
    rspec (2.11.0)
      rspec-core (~> 2.11.0)
      rspec-expectations (~> 2.11.0)
      rspec-mocks (~> 2.11.0)
    rspec-core (2.11.1)
    rspec-expectations (2.11.3)
      diff-lcs (~> 1.1.3)
    rspec-mocks (2.11.3)
    whenever (0.7.3)
      activesupport (>= 2.3.4)
      chronic (~> 0.6.3)
    xml-magic (0.1.1)

PLATFORMS
  ruby

DEPENDENCIES
  flickr_fu
  rake
  rspec
  whenever
