GEM
  remote: http://rubygems.org/
  specs:
    diff-lcs (1.1.3)
    flickr_fu (0.3.2)
      mime-types
      xml-magic
    mime-types (1.19)
    rake (0.9.2.2)
    rspec (2.11.0)
      rspec-core (~> 2.11.0)
      rspec-expectations (~> 2.11.0)
      rspec-mocks (~> 2.11.0)
    rspec-core (2.11.1)
    rspec-expectations (2.11.3)
      diff-lcs (~> 1.1.3)
    rspec-mocks (2.11.3)
    xml-magic (0.1.1)

PLATFORMS
  ruby

DEPENDENCIES
  flickr_fu
  rake
  rspec
